PATH
  remote: .
  specs:
    baudelaire (0.1.0)

GEM
  remote: http://rubygems.org/
  specs:

PLATFORMS
  ruby

DEPENDENCIES
  baudelaire!
